GEM
  remote: http://rubygems.org/
  specs:
    ParseTree (3.0.6)
      RubyInline (>= 3.7.0)
      sexp_processor (>= 3.0.0)
    RubyInline (3.8.6)
      ZenTest (~> 4.3)
    ZenTest (4.4.0)
    abstract (1.0.0)
    actionpack (3.0.0)
      activemodel (= 3.0.0)
      activesupport (= 3.0.0)
      builder (~> 2.1.2)
      erubis (~> 2.6.6)
      i18n (~> 0.4.1)
      rack (~> 1.2.1)
      rack-mount (~> 0.6.12)
      rack-test (~> 0.5.4)
      tzinfo (~> 0.3.23)
    activemodel (3.0.0)
      activesupport (= 3.0.0)
      builder (~> 2.1.2)
      i18n (~> 0.4.1)
    activesupport (3.0.0)
    addressable (2.2.2)
    bcrypt-ruby (2.1.2)
    builder (2.1.2)
    data_objects (0.10.2)
      addressable (~> 2.1)
    diff-lcs (1.1.2)
    dm-aggregates (0.10.2)
      dm-core (~> 0.10.2)
    dm-constraints (0.10.2)
      dm-core (~> 0.10.2)
    dm-core (0.10.2)
      addressable (~> 2.1)
      extlib (~> 0.9.14)
    dm-migrations (0.10.2)
      dm-core (~> 0.10.2)
    dm-serializer (0.10.2)
      dm-core (~> 0.10.2)
      fastercsv (~> 1.5.0)
      json_pure (~> 1.2.0)
    dm-sweatshop (0.10.2)
      dm-core (~> 0.10.2)
      randexp (~> 0.1.4)
    dm-timestamps (0.10.2)
      dm-core (~> 0.10.2)
    dm-types (0.10.2)
      bcrypt-ruby (~> 2.1.2)
      dm-core (~> 0.10.2)
      fastercsv (~> 1.5.0)
      json_pure (~> 1.2.0)
      stringex (~> 1.1.0)
      uuidtools (~> 2.1.1)
    dm-validations (0.10.2)
      dm-core (~> 0.10.2)
    do_sqlite3 (0.10.2)
      data_objects (= 0.10.2)
    erubis (2.6.6)
      abstract (>= 1.0.0)
    extlib (0.9.15)
    fastercsv (1.5.3)
    gemcutter (0.6.1)
    git (1.2.5)
    haml (3.0.23)
    highline (1.6.1)
    i18n (0.4.2)
    jeweler (1.4.0)
      gemcutter (>= 0.1.0)
      git (>= 1.2.5)
      rubyforge (>= 2.0.0)
    json_pure (1.2.4)
    mailfactory (1.4.0)
      mime-types (>= 1.13.1)
    merb (1.1.0)
      dm-aggregates (~> 0.10)
      dm-constraints (~> 0.10)
      dm-serializer (~> 0.10)
      dm-sweatshop (~> 0.10)
      dm-timestamps (~> 0.10)
      dm-types (~> 0.10)
      dm-validations (~> 0.10)
      do_sqlite3 (~> 0.10)
      merb-action-args (= 1.1.0)
      merb-assets (= 1.1.0)
      merb-auth (= 1.1.0)
      merb-cache (= 1.1.0)
      merb-core (= 1.1.0)
      merb-exceptions (= 1.1.0)
      merb-gen (= 1.1.0)
      merb-haml (= 1.1.0)
      merb-helpers (= 1.1.0)
      merb-mailer (= 1.1.0)
      merb-param-protection (= 1.1.0)
      merb-slices (= 1.1.0)
      merb_datamapper (= 1.1.0)
    merb-action-args (1.1.0)
      ParseTree (>= 2.1.1)
      merb-core (~> 1.1.0)
      ruby2ruby (>= 1.1.9)
    merb-assets (1.1.0)
      merb-core (~> 1.1.0)
    merb-auth (1.1.0)
      merb-auth-core (~> 1.1.0)
      merb-auth-more (~> 1.1.0)
      merb-auth-slice-password (~> 1.1.0)
      merb-core (~> 1.1.0)
    merb-auth-core (1.1.1)
      merb-core (~> 1.1)
    merb-auth-more (1.1.1)
      merb-auth-core (~> 1.1.1)
    merb-auth-slice-password (1.1.1)
      merb-auth-core (~> 1.1.1)
      merb-auth-more (~> 1.1.1)
      merb-slices (~> 1.1)
    merb-cache (1.1.0)
      merb-core (~> 1.1.0)
    merb-core (1.1.0)
      bundler (>= 0.9.3)
      erubis (>= 2.6.2)
      extlib (>= 0.9.13)
      mime-types (>= 1.16)
      rack
      rake
      rspec
    merb-exceptions (1.1.0)
      merb-core (~> 1.1.0)
      merb-mailer (~> 1.1.0)
    merb-gen (1.1.0)
      merb-core (~> 1.1.0)
      templater (>= 1.0.0)
    merb-haml (1.1.0)
      haml (>= 2.0.3)
      merb-core (~> 1.1.0)
    merb-helpers (1.1.0)
      merb-core (~> 1.1.0)
    merb-mailer (1.1.0)
      mailfactory (>= 1.2.3)
      merb-core (~> 1.1.0)
    merb-param-protection (1.1.0)
      merb-core (~> 1.1.0)
    merb-slices (1.1.0)
      merb-core (~> 1.1.0)
    merb_datamapper (1.1.0)
      dm-core (~> 0.10)
      dm-migrations (~> 0.10)
      merb-core (~> 1.1.0)
    methopara (0.3.2)
    mime-types (1.16)
    rack (1.2.1)
    rack-cache (0.5.3)
      rack (>= 0.4)
    rack-mount (0.6.13)
      rack (>= 1.0.0)
    rack-test (0.5.6)
      rack (>= 1.0)
    rake (0.8.7)
    randexp (0.1.5)
      ParseTree
    redis (2.1.1)
    rspec (1.3.1)
    ruby2ruby (1.2.5)
      ruby_parser (~> 2.0)
      sexp_processor (~> 3.0)
    ruby_parser (2.0.5)
      sexp_processor (~> 3.0)
    rubyforge (2.0.4)
      json_pure (>= 1.1.7)
    sexp_processor (3.0.5)
    stringex (1.1.0)
    templater (1.0.0)
      diff-lcs (>= 1.1.2)
      extlib (>= 0.9.5)
      highline (>= 1.4.0)
    tzinfo (0.3.23)
    uuidtools (2.1.1)

PLATFORMS
  ruby

DEPENDENCIES
  actionpack (= 3.0.0)
  activesupport (= 3.0.0)
  git
  i18n
  jeweler
  merb (= 1.1.0)
  methopara
  rack
  rack-cache
  redis (>= 2.0.0)
  rspec (~> 1.0)
